GEM
  remote: https://rubygems.org/
  specs:
    benchmark-ips (2.7.2)
    memoist (0.15.0)

PLATFORMS
  ruby

DEPENDENCIES
  benchmark-ips
  memoist

BUNDLED WITH
   1.15.1
