GEM
  remote: https://rubygems.org/
  specs:
    activesupport (5.1.2)
      concurrent-ruby (~> 1.0, >= 1.0.2)
      i18n (~> 0.7)
      minitest (~> 5.1)
      tzinfo (~> 1.1)
    benchmark-ips (2.7.2)
    concurrent-ruby (1.0.5)
    i18n (0.8.6)
    memoist (0.16.0)
    minitest (5.10.3)
    thread_safe (0.3.6)
    tzinfo (1.2.3)
      thread_safe (~> 0.1)

PLATFORMS
  ruby

DEPENDENCIES
  activesupport
  benchmark-ips
  memoist

BUNDLED WITH
   1.15.1
