PATH
  remote: .
  specs:
    ruby-microbenchmarks (0.0.1)
      activesupport (~> 4)
      benchmark-ips
      gli

GEM
  remote: https://rubygems.org/
  specs:
    activesupport (4.0.0)
      i18n (~> 0.6, >= 0.6.4)
      minitest (~> 4.2)
      multi_json (~> 1.3)
      thread_safe (~> 0.1)
      tzinfo (~> 0.3.37)
    atomic (1.1.13)
    benchmark-ips (1.2.0)
    gli (2.7.0)
    i18n (0.6.5)
    minitest (4.7.5)
    multi_json (1.7.9)
    rake (10.1.0)
    thread_safe (0.1.2)
      atomic
    tzinfo (0.3.37)

PLATFORMS
  ruby

DEPENDENCIES
  bundler (~> 1.3)
  rake
  ruby-microbenchmarks!
